PATH
  remote: .
  specs:
    fluent-plugin-syslog-tls (1.1.0)
      fluentd (~> 0.14.0)

GEM
  remote: https://rubygems.org/
  specs:
    addressable (2.5.1)
      public_suffix (~> 2.0, >= 2.0.2)
    cool.io (1.5.0)
    coveralls (0.8.21)
      json (>= 1.8, < 3)
      simplecov (~> 0.14.1)
      term-ansicolor (~> 1.3)
      thor (~> 0.19.4)
      tins (~> 1.6)
    crack (0.4.3)
      safe_yaml (~> 1.0.0)
    docile (1.1.5)
    fluentd (0.14.20)
      cool.io (>= 1.4.5, < 2.0.0)
      http_parser.rb (>= 0.5.1, < 0.7.0)
      msgpack (>= 0.7.0, < 2.0.0)
      ruby_dig (~> 0.0.2)
      serverengine (>= 2.0.4, < 3.0.0)
      sigdump (~> 0.2.2)
      strptime (~> 0.1.7)
      tzinfo (~> 1.0)
      tzinfo-data (~> 1.0)
      yajl-ruby (~> 1.0)
    hashdiff (0.3.5)
    http_parser.rb (0.6.0)
    json (2.1.0)
    minitest (5.10.3)
    minitest-stub_any_instance (1.0.1)
    msgpack (1.1.0)
    power_assert (1.0.2)
    public_suffix (2.0.5)
    rake (10.5.0)
    ruby_dig (0.0.2)
    safe_yaml (1.0.4)
    serverengine (2.0.5)
      sigdump (~> 0.2.2)
    sigdump (0.2.4)
    simplecov (0.14.1)
      docile (~> 1.1.0)
      json (>= 1.8, < 3)
      simplecov-html (~> 0.10.0)
    simplecov-html (0.10.1)
    strptime (0.1.9)
    term-ansicolor (1.6.0)
      tins (~> 1.0)
    test-unit (3.2.5)
      power_assert
    thor (0.19.4)
    thread_safe (0.3.6)
    tins (1.15.0)
    tzinfo (1.2.3)
      thread_safe (~> 0.1)
    tzinfo-data (1.2017.2)
      tzinfo (>= 1.0.0)
    webmock (2.3.2)
      addressable (>= 2.3.6)
      crack (>= 0.3.2)
      hashdiff
    yajl-ruby (1.3.0)

PLATFORMS
  ruby

DEPENDENCIES
  coveralls
  fluent-plugin-syslog-tls!
  minitest (~> 5.8)
  minitest-stub_any_instance (~> 1.0.0)
  rake (~> 10.5)
  simplecov (~> 0.11)
  test-unit (~> 3.1)
  webmock (~> 2.0)

BUNDLED WITH
   1.14.6
